GEM
  remote: https://rubygems.org/
  specs:
    builder (3.2.3)
    concurrent-ruby (1.0.5)
    connection_pool (2.2.1)
    ebnf (1.1.2)
      rdf (>= 2.2, < 4.0)
      sxp (~> 1.0)
    hamster (3.0.0)
      concurrent-ruby (~> 1.0)
    link_header (0.0.8)
    net-http-persistent (3.0.0)
      connection_pool (~> 2.2)
    rdf (2.2.12)
      hamster (~> 3.0)
      link_header (~> 0.0, >= 0.0.8)
    rdf-aggregate-repo (2.2.1)
      rdf (>= 2.2, < 4.0)
    rdf-xsd (2.2.1)
      rdf (>= 2.2, < 4.0)
    sparql (2.2.2)
      builder (~> 3.2)
      ebnf (~> 1.1)
      rdf (>= 2.2, < 4.0)
      rdf-aggregate-repo (>= 2.2, < 4.0)
      rdf-xsd (>= 2.2, < 4.0)
      sparql-client (>= 2.1, < 4.0)
      sxp (~> 1.0)
    sparql-client (2.2.1)
      net-http-persistent (>= 2.9, < 4)
      rdf (>= 2.2, < 4.0)
    sxp (1.0.1)
      rdf (>= 2.2, < 4.0)

PLATFORMS
  ruby

DEPENDENCIES
  sparql (~> 2.2, >= 2.2.2)

RUBY VERSION
   ruby 2.4.1p111

BUNDLED WITH
   1.16.1
